PATH
  remote: .
  specs:
    assumption (1.0.3)
      bundler (~> 2.0)
      minitest (~> 5.0)
      nokogiri
      pry
      rake (~> 10.0)
      tco (~> 0.1.8)
      timeout

GEM
  remote: https://rubygems.org/
  specs:
    coderay (1.1.3)
    method_source (0.9.2)
    mini_portile2 (2.8.0)
    minitest (5.16.3)
    nokogiri (1.13.9)
      mini_portile2 (~> 2.8.0)
      racc (~> 1.4)
    pry (0.12.2)
      coderay (~> 1.1.0)
      method_source (~> 0.9.0)
    racc (1.6.0)
    rake (10.5.0)
    tco (0.1.8)
    timeout (0.3.0)

PLATFORMS
  ruby

DEPENDENCIES
  assumption!

BUNDLED WITH
   2.0.2
