PATH
  remote: .
  specs:
    assumption (1.0.3)
      bundler (~> 2.0)
      minitest (~> 5.0)
      nokogiri
      pry
      rake (~> 10.0)
      tco (~> 0.1.8)
      timeout

GEM
  remote: https://rubygems.org/
  specs:
    coderay (1.1.2)
    method_source (0.9.2)
    mini_portile2 (2.4.0)
    minitest (5.12.2)
    nokogiri (1.10.4)
      mini_portile2 (~> 2.4.0)
    pry (0.12.2)
      coderay (~> 1.1.0)
      method_source (~> 0.9.0)
    rake (10.5.0)
    tco (0.1.8)
    timeout (0.0.1)
      timeout-extensions
    timeout-extensions (0.1.1)

PLATFORMS
  ruby

DEPENDENCIES
  assumption!

BUNDLED WITH
   2.0.2
